PATH
  remote: .
  specs:
    rack-mini-profiler (0.9.3)
      rack (>= 1.1.3)

GEM
  remote: http://rubygems.org/
  specs:
    ZenTest (4.11.0)
    activemodel (3.2.21)
      activesupport (= 3.2.21)
      builder (~> 3.0.0)
    activerecord (3.2.21)
      activemodel (= 3.2.21)
      activesupport (= 3.2.21)
      arel (~> 3.0.2)
      tzinfo (~> 0.3.29)
    activesupport (3.2.21)
      i18n (~> 0.6, >= 0.6.4)
      multi_json (~> 1.0)
    arel (3.0.3)
    autotest (4.4.6)
      ZenTest (>= 4.4.1)
    builder (3.0.4)
    codecov (0.0.5)
      json
      simplecov
      url
    commonjs (0.2.7)
    dalli (2.7.4)
    diff-lcs (1.2.5)
    docile (1.1.5)
    fast_stack (0.1.0)
      rake
      rake-compiler
    flamegraph (0.1.0)
      fast_stack
    i18n (0.7.0)
    json (1.8.2)
    less (2.6.0)
      commonjs (~> 0.2.7)
    libv8 (3.16.14.7)
    multi_json (1.11.0)
    rack (1.6.0)
    rack-test (0.6.3)
      rack (>= 1.0)
    rake (10.4.2)
    rake-compiler (0.9.5)
      rake
    redis (3.2.1)
    ref (1.0.5)
    rspec (3.2.0)
      rspec-core (~> 3.2.0)
      rspec-expectations (~> 3.2.0)
      rspec-mocks (~> 3.2.0)
    rspec-core (3.2.3)
      rspec-support (~> 3.2.0)
    rspec-expectations (3.2.1)
      diff-lcs (>= 1.2.0, < 2.0)
      rspec-support (~> 3.2.0)
    rspec-mocks (3.2.1)
      diff-lcs (>= 1.2.0, < 2.0)
      rspec-support (~> 3.2.0)
    rspec-support (3.2.2)
    simplecov (0.10.0)
      docile (~> 1.1.0)
      json (~> 1.8)
      simplecov-html (~> 0.10.0)
    simplecov-html (0.10.0)
    therubyracer (0.12.2)
      libv8 (~> 3.16.14.0)
      ref
    tzinfo (0.3.44)
    url (0.3.2)

PLATFORMS
  ruby

DEPENDENCIES
  ZenTest
  activerecord (~> 3.0)
  autotest
  codecov
  dalli
  flamegraph
  less
  rack-mini-profiler!
  rack-test
  rake
  redis
  rspec
  therubyracer
